GEM
  remote: http://rubygems.org/
  specs:
    i18n (0.6.0)
    json (1.6.1)
    mime-types (1.17.2)
    rest-client (1.6.7)
      mime-types (>= 1.16)

PLATFORMS
  ruby

DEPENDENCIES
  i18n
  json
  rest-client
